GEM
  remote: https://rubygems.org/
  specs:
    json (2.3.1)
    mustermann (1.0.3)
    rack (2.2.3)
    rack-protection (2.0.5)
      rack
    sinatra (2.0.5)
      mustermann (~> 1.0)
      rack (~> 2.0)
      rack-protection (= 2.0.5)
      tilt (~> 2.0)
    slack-notifier (2.3.2)
    tilt (2.0.9)

PLATFORMS
  ruby

DEPENDENCIES
  json
  sinatra (>= 2.0.2)
  slack-notifier

BUNDLED WITH
   1.17.3
